GEM
  remote: https://rubygems.org/
  specs:
    aws-sdk (2.8.0)
      aws-sdk-resources (= 2.8.0)
    aws-sdk-core (2.8.0)
      aws-sigv4 (~> 1.0)
      jmespath (~> 1.0)
    aws-sdk-resources (2.8.0)
      aws-sdk-core (= 2.8.0)
    aws-sigv4 (1.0.0)
    highline (1.7.8)
    inifile (2.0.2)
    jmespath (1.3.1)
    rake (12.0.0)

PLATFORMS
  ruby

DEPENDENCIES
  aws-sdk (~> 2)
  highline
  inifile
  rake

BUNDLED WITH
   1.11.2
